GEM
  remote: https://rubygems.org/
  specs:
    haml (4.0.3)
      tilt
    sass (3.2.10)
    tilt (1.4.1)
    watchr (0.7)

PLATFORMS
  ruby

DEPENDENCIES
  haml
  sass
  watchr
